GEM
  remote: https://rubygems.org/
  specs:
    chronic (0.6.7)
    sqlite3 (1.3.6)

PLATFORMS
  ruby

DEPENDENCIES
  chronic
  sqlite3
